PATH
  remote: .
  specs:
    fuzzy_matcher (0.0.1)
      fuzzy-string-match (~> 0.9.7)

GEM
  remote: https://rubygems.org/
  specs:
    RubyInline (3.12.4)
      ZenTest (~> 4.3)
    ZenTest (4.11.1)
    ansi (1.5.0)
    ast (2.3.0)
    builder (3.2.2)
    byebug (8.2.5)
    coderay (1.1.1)
    faker (1.6.6)
      i18n (~> 0.5)
    ffi (1.9.14)
    formatador (0.2.5)
    fuzzy-string-match (0.9.7)
      RubyInline (>= 3.8.6)
    guard (2.14.0)
      formatador (>= 0.2.4)
      listen (>= 2.7, < 4.0)
      lumberjack (~> 1.0)
      nenv (~> 0.1)
      notiffany (~> 0.0)
      pry (>= 0.9.12)
      shellany (~> 0.0)
      thor (>= 0.18.1)
    guard-bundler (2.1.0)
      bundler (~> 1.0)
      guard (~> 2.2)
      guard-compat (~> 1.1)
    guard-compat (1.2.1)
    guard-minitest (2.4.6)
      guard-compat (~> 1.2)
      minitest (>= 3.0)
    guard-rubocop (1.2.0)
      guard (~> 2.0)
      rubocop (~> 0.20)
    i18n (0.7.0)
    listen (3.1.5)
      rb-fsevent (~> 0.9, >= 0.9.4)
      rb-inotify (~> 0.9, >= 0.9.7)
      ruby_dep (~> 1.2)
    lumberjack (1.0.10)
    method_source (0.8.2)
    minitest (5.9.1)
    minitest-reporters (1.1.12)
      ansi
      builder
      minitest (>= 5.0)
      ruby-progressbar
    nenv (0.3.0)
    notiffany (0.1.1)
      nenv (~> 0.1)
      shellany (~> 0.0)
    parser (2.3.1.4)
      ast (~> 2.2)
    powerpack (0.1.1)
    pry (0.10.4)
      coderay (~> 1.1.0)
      method_source (~> 0.8.1)
      slop (~> 3.4)
    pry-byebug (3.3.0)
      byebug (~> 8.0)
      pry (~> 0.10)
    rainbow (2.1.0)
    rake (11.3.0)
    rb-fsevent (0.9.8)
    rb-inotify (0.9.7)
      ffi (>= 0.5.0)
    rubocop (0.44.1)
      parser (>= 2.3.1.1, < 3.0)
      powerpack (~> 0.1)
      rainbow (>= 1.99.1, < 3.0)
      ruby-progressbar (~> 1.7)
      unicode-display_width (~> 1.0, >= 1.0.1)
    ruby-progressbar (1.8.1)
    ruby_dep (1.5.0)
    shellany (0.0.1)
    slop (3.6.0)
    terminal-notifier-guard (1.7.0)
    thor (0.19.1)
    unicode-display_width (1.1.1)

PLATFORMS
  ruby

DEPENDENCIES
  bundler (~> 1.12)
  byebug (~> 8.2.2)
  faker (~> 1.6.6)
  fuzzy_matcher!
  guard (~> 2.14.0)
  guard-bundler (~> 2.1.0)
  guard-minitest (~> 2.4.4)
  guard-rubocop (~> 1.2.0)
  minitest (~> 5.9.0)
  minitest-reporters (~> 1.1.6)
  pry (~> 0.10.3)
  pry-byebug (~> 3.3.0)
  rake (~> 11.0)
  terminal-notifier-guard (~> 1.7.0)

BUNDLED WITH
   1.13.3
